GEM
  remote: http://rubygems.org/
  specs:
    clamp (0.5.0)
    coffee-script (2.2.0)
      coffee-script-source
      execjs
    coffee-script-source (1.4.0)
    execjs (1.4.0)
      multi_json (~> 1.0)
    filewatcher (0.1.5)
      trollop (>= 1.16.2)
    multi_json (1.4.0)
    sass (3.2.3)
    thor (0.16.0)
    trollop (2.0)

PLATFORMS
  ruby

DEPENDENCIES
  clamp
  coffee-script
  filewatcher
  sass
  thor
