GEM
  remote: http://rubygems.org/
  specs:
    clamp (0.5.0)
    coffee-script (2.2.0)
      coffee-script-source
      execjs
    coffee-script-source (1.6.1)
    execjs (1.4.0)
      multi_json (~> 1.0)
    filewatcher (0.1.8)
      trollop (>= 1.16.2)
    multi_json (1.6.1)
    sass (3.2.6)
    thor (0.17.0)
    trollop (2.0)

PLATFORMS
  ruby

DEPENDENCIES
  clamp
  coffee-script
  filewatcher
  sass
  thor
